RESTRICTION: == net5.0
NUGET
  remote: https://api.nuget.org/v3/index.json
    DynamicInterop (0.9.1)
    FSharp.Core (8.0.401)
    FSharp.Data (6.4)
      FSharp.Core (>= 6.0.1)
      FSharp.Data.Csv.Core (>= 6.4)
      FSharp.Data.Html.Core (>= 6.4)
      FSharp.Data.Http (>= 6.4)
      FSharp.Data.Json.Core (>= 6.4)
      FSharp.Data.Runtime.Utilities (>= 6.4)
      FSharp.Data.WorldBank.Core (>= 6.4)
      FSharp.Data.Xml.Core (>= 6.4)
    FSharp.Data.Csv.Core (6.4)
      FSharp.Core (>= 6.0.1)
      FSharp.Data.Runtime.Utilities (>= 6.4)
    FSharp.Data.Html.Core (6.4)
      FSharp.Core (>= 6.0.1)
      FSharp.Data.Csv.Core (>= 6.4)
      FSharp.Data.Runtime.Utilities (>= 6.4)
    FSharp.Data.Http (6.4)
      FSharp.Core (>= 6.0.1)
    FSharp.Data.Json.Core (6.4)
      FSharp.Core (>= 6.0.1)
      FSharp.Data.Http (>= 6.4)
      FSharp.Data.Runtime.Utilities (>= 6.4)
    FSharp.Data.Runtime.Utilities (6.4)
      FSharp.Core (>= 6.0.1)
      FSharp.Data.Http (>= 6.4)
    FSharp.Data.WorldBank.Core (6.4)
      FSharp.Core (>= 6.0.1)
      FSharp.Data.Http (>= 6.4)
      FSharp.Data.Json.Core (>= 6.4)
      FSharp.Data.Runtime.Utilities (>= 6.4)
    FSharp.Data.Xml.Core (6.4)
      FSharp.Core (>= 6.0.1)
      FSharp.Data.Http (>= 6.4)
      FSharp.Data.Json.Core (>= 6.4)
      FSharp.Data.Runtime.Utilities (>= 6.4)
    Microsoft.CSharp (4.7)
    Microsoft.FSharpLu.Json (0.11.7)
      FSharp.Core (>= 4.5.4)
      Newtonsoft.Json (>= 10.0.3)
    Microsoft.Win32.Registry (5.0)
      System.Security.AccessControl (>= 5.0)
      System.Security.Principal.Windows (>= 5.0)
    Newtonsoft.Json (13.0.3)
    PipeMethodCalls (4.0.2)
    R.NET (1.9)
      DynamicInterop (>= 0.9.1)
      Microsoft.CSharp (>= 4.5)
      Microsoft.Win32.Registry (>= 4.5)
    R.NET.FSharp (1.9)
      DynamicInterop (>= 0.9.1)
      FSharp.Core (>= 4.6.2)
      R.NET (>= 1.9)
    RProvider (2.1)
      FSharp.Core (>= 4.6.2)
      Newtonsoft.Json (>= 13.0.1)
      PipeMethodCalls (>= 3.0.4)
      R.NET (>= 1.9)
      R.NET.FSharp (>= 1.9)
      System.ComponentModel.Composition (>= 5.0)
      System.Reflection.MetadataLoadContext (>= 5.0)
    System.Collections.Immutable (8.0)
      System.Memory (>= 4.5.5)
      System.Runtime.CompilerServices.Unsafe (>= 6.0)
    System.ComponentModel.Composition (2010.2.11.1)
    System.Memory (4.5.5)
    System.Reflection.Metadata (8.0.1)
      System.Collections.Immutable (>= 8.0)
      System.Memory (>= 4.5.5)
    System.Reflection.MetadataLoadContext (8.0.1)
      System.Collections.Immutable (>= 8.0)
      System.Memory (>= 4.5.5)
      System.Reflection.Metadata (>= 8.0.1)
    System.Runtime.CompilerServices.Unsafe (6.0)
    System.Security.AccessControl (6.0.1)
      System.Security.Principal.Windows (>= 5.0)
    System.Security.Principal.Windows (5.0)
GITHUB
  remote: AndrewIOM/biodiversity-graph-db
    FULLPROJECT (4815204c0496ea71b3063b3fa0f89374c8f0b82c)